GEM
  remote: https://rubygems.org/
  specs:
    minitest (5.10.1)
    rake (13.0.6)

PLATFORMS
  ruby

DEPENDENCIES
  minitest (~> 5)
  rake (>= 12.3.3)

BUNDLED WITH
   1.17.3
